GEM
  remote: https://rubygems.org/
  specs:
    rack (2.0.9)

PLATFORMS
  x86_64-linux

DEPENDENCIES
  rack (~> 2.0.1)

BUNDLED WITH
   2.2.9
